GEM
  remote: https://rubygems.org/
  specs:
    chunky_png (1.4.0)
    cmdparse (3.0.7)
    geom2d (0.4.1)
    hexapdf (0.45.0)
      cmdparse (~> 3.0, >= 3.0.3)
      geom2d (~> 0.4, >= 0.4.1)
      openssl (>= 2.2.1)
    openssl (3.2.0)
    rqrcode (2.2.0)
      chunky_png (~> 1.0)
      rqrcode_core (~> 1.0)
    rqrcode_core (1.2.0)

PLATFORMS
  ruby
  x86_64-linux

DEPENDENCIES
  chunky_png (~> 1.3, >= 1.3.5)
  hexapdf (~> 0.45.0)
  rqrcode (~> 2.0)

BUNDLED WITH
   2.5.10
